GEM
  remote: https://rubygems.org/
  specs:
    bcrypt (3.1.10)
    bson (1.12.0)
    bson_ext (1.12.0)
      bson (~> 1.12.0)
    mongo (1.12.0)
      bson (= 1.12.0)
    rack (1.6.0)
    rack-protection (1.5.3)
      rack
    sinatra (1.4.5)
      rack (~> 1.4)
      rack-protection (~> 1.4)
      tilt (~> 1.3, >= 1.3.4)
    tilt (1.4.1)

PLATFORMS
  ruby

DEPENDENCIES
  bcrypt
  bson_ext
  mongo
  sinatra
