GIT
  remote: https://github.com/sinatra/sinatra
  revision: be9c18ac44214069f4709ced6da65abba9501d24
  specs:
    sinatra (1.4.5)
      rack (~> 1.4)
      rack-protection (~> 1.4)
      tilt (>= 1.3, < 3)

GEM
  remote: https://rubygems.org/
  specs:
    bcrypt (3.1.10)
    bson (1.12.0)
    bson_ext (1.12.0)
      bson (~> 1.12.0)
    mongo (1.12.0)
      bson (= 1.12.0)
    rack (1.6.0)
    rack-protection (1.5.3)
      rack
    ruby-progressbar (1.7.1)
    tilt (2.0.1)

PLATFORMS
  ruby

DEPENDENCIES
  bcrypt
  bson_ext
  mongo
  rack
  ruby-progressbar (~> 1.7.1)
  sinatra!
